PATH
  remote: .
  specs:
    lex-lex (0.1.0)

GEM
  remote: https://rubygems.org/
  specs:
    amq-protocol (2.3.0)
    ast (2.4.0)
    aws-eventstream (1.0.3)
    aws-sigv4 (1.1.1)
      aws-eventstream (~> 1.0, >= 1.0.2)
    bunny (2.14.4)
      amq-protocol (~> 2.3, >= 2.3.0)
    concurrent-ruby (1.1.6)
    concurrent-ruby-ext (1.1.6)
      concurrent-ruby (= 1.1.6)
    connection_pool (2.2.2)
    daemons (1.3.1)
    dalli (2.7.10)
    diff-lcs (1.3)
    docile (1.3.2)
    faraday (0.17.3)
      multipart-post (>= 1.2, < 3)
    faraday_middleware (0.14.0)
      faraday (>= 0.7.4, < 1.0)
    ffi (1.12.2)
    hashdiff (1.0.1)
    jaro_winkler (1.5.4)
    json (2.3.0)
    legion-cache (0.2.1)
      connection_pool
      dalli
      redis
    legion-crypt (0.1.0)
      rbnacl
      vault
    legion-data (0.2.0)
      legion-logging
      legion-settings
      mysql2
      sequel
    legion-exceptions (1.0.4)
    legion-json (0.1.6)
      json (~> 2.1)
      oj (~> 3)
    legion-logging (1.0.0)
      rainbow (~> 3)
    legion-settings (1.0.0)
      legion-json
      legion-logging
    legion-transport (1.0.0)
      bunny
      concurrent-ruby
      concurrent-ruby-ext
    legionio (0.2.0)
      concurrent-ruby
      concurrent-ruby-ext
      daemons
      hashdiff
      legion-cache
      legion-crypt
      legion-data
      legion-exceptions
      legion-json
      legion-logging
      legion-settings
      legion-transport
      sleepiq
      vault
    multipart-post (2.1.1)
    mysql2 (0.5.3)
    oj (3.10.5)
    parallel (1.19.1)
    parser (2.7.0.5)
      ast (~> 2.4.0)
    rainbow (3.0.0)
    rake (13.0.1)
    rbnacl (7.1.1)
      ffi
    redis (4.1.3)
    rexml (3.2.4)
    rspec (3.9.0)
      rspec-core (~> 3.9.0)
      rspec-expectations (~> 3.9.0)
      rspec-mocks (~> 3.9.0)
    rspec-core (3.9.1)
      rspec-support (~> 3.9.1)
    rspec-expectations (3.9.1)
      diff-lcs (>= 1.2.0, < 2.0)
      rspec-support (~> 3.9.0)
    rspec-mocks (3.9.1)
      diff-lcs (>= 1.2.0, < 2.0)
      rspec-support (~> 3.9.0)
    rspec-support (3.9.2)
    rubocop (0.80.1)
      jaro_winkler (~> 1.5.1)
      parallel (~> 1.10)
      parser (>= 2.7.0.1)
      rainbow (>= 2.2.2, < 4.0)
      rexml
      ruby-progressbar (~> 1.7)
      unicode-display_width (>= 1.4.0, < 1.7)
    ruby-progressbar (1.10.1)
    sequel (5.30.0)
    simplecov (0.18.5)
      docile (~> 1.1)
      simplecov-html (~> 0.11)
    simplecov-html (0.12.2)
    sleepiq (0.2.2)
      dalli
      faraday
      faraday_middleware
      thor
    thor (1.0.1)
    unicode-display_width (1.6.1)
    vault (0.13.0)
      aws-sigv4

PLATFORMS
  ruby

DEPENDENCIES
  legionio
  lex-lex!
  rake
  rspec
  rubocop
  simplecov

BUNDLED WITH
   2.1.4
